GEM
  remote: https://rubygems.org/
  specs:
    faker (1.7.3)
      i18n (~> 0.5)
    i18n (0.8.1)
    mysql2 (0.4.5)
    rack (1.6.5)
    rack-protection (1.5.3)
      rack
    rmagick (2.16.0)
    sinatra (1.4.8)
      rack (~> 1.5)
      rack-protection (~> 1.4)
      tilt (>= 1.3, < 3)
    slim (3.0.7)
      temple (~> 0.7.6)
      tilt (>= 1.3.3, < 2.1)
    temple (0.7.7)
    tilt (2.0.7)

PLATFORMS
  ruby

DEPENDENCIES
  faker
  mysql2
  rack
  rmagick
  sinatra
  slim

BUNDLED WITH
   1.14.6
